PATH
  remote: .
  specs:
    nuid-sdk (0.1.0)
      httpclient (~> 2.8.3)

GEM
  remote: https://rubygems.org/
  specs:
    httpclient (2.8.3)
    minitest (5.14.3)
    rake (12.3.3)

PLATFORMS
  ruby

DEPENDENCIES
  minitest (~> 5.0)
  nuid-sdk!
  rake (~> 12.0)

BUNDLED WITH
   2.1.4
