PATH
  remote: .
  specs:
    nuid-sdk (0.1.0)
      httparty (~> 0.18.1)

GEM
  remote: https://rubygems.org/
  specs:
    httparty (0.18.1)
      mime-types (~> 3.0)
      multi_xml (>= 0.5.2)
    mime-types (3.3.1)
      mime-types-data (~> 3.2015)
    mime-types-data (3.2020.1104)
    minitest (5.14.3)
    multi_xml (0.6.0)
    rake (12.3.3)

PLATFORMS
  ruby

DEPENDENCIES
  minitest (~> 5.0)
  nuid-sdk!
  rake (~> 12.0)

BUNDLED WITH
   2.1.4
